GEM
  remote: https://rubygems.org/
  specs:
    ast (2.4.0)
    byebug (9.1.0)
    coderay (1.1.2)
    diff-lcs (1.3)
    fivemat (1.3.7)
    fuubar (2.3.2)
      rspec-core (~> 3.0)
      ruby-progressbar (~> 1.4)
    jaro_winkler (1.5.1)
    method_source (0.9.2)
    mustermann (1.0.3)
    nyan-cat-formatter (0.12.0)
      rspec (>= 2.99, >= 2.14.2, < 4)
    ox (2.10.0)
    parallel (1.12.1)
    parser (2.5.3.0)
      ast (~> 2.4.0)
    powerpack (0.1.2)
    pry (0.11.3)
      coderay (~> 1.1.0)
      method_source (~> 0.9.0)
    rack (2.0.6)
    rack-protection (2.0.4)
      rack
    rack-test (0.8.2)
      rack (>= 1.0, < 3)
    rainbow (3.0.0)
    rspec (3.7.0)
      rspec-core (~> 3.7.0)
      rspec-expectations (~> 3.7.0)
      rspec-mocks (~> 3.7.0)
    rspec-core (3.7.1)
      rspec-support (~> 3.7.0)
    rspec-expectations (3.7.0)
      diff-lcs (>= 1.2.0, < 2.0)
      rspec-support (~> 3.7.0)
    rspec-mocks (3.7.0)
      diff-lcs (>= 1.2.0, < 2.0)
      rspec-support (~> 3.7.0)
    rspec-support (3.7.1)
    rubocop (0.61.1)
      jaro_winkler (~> 1.5.1)
      parallel (~> 1.10)
      parser (>= 2.5, != 2.5.1.1)
      powerpack (~> 0.1)
      rainbow (>= 2.2.2, < 4.0)
      ruby-progressbar (~> 1.7)
      unicode-display_width (~> 1.4.0)
    rubocop-rspec (1.30.1)
      rubocop (>= 0.60.0)
    ruby-progressbar (1.10.0)
    sequel (5.15.0)
    sinatra (2.0.4)
      mustermann (~> 1.0)
      rack (~> 2.0)
      rack-protection (= 2.0.4)
      tilt (~> 2.0)
    sqlite3 (1.3.13)
    tilt (2.0.8)
    unicode-display_width (1.4.1)

PLATFORMS
  ruby

DEPENDENCIES
  byebug (= 9.1.0)
  coderay (= 1.1.2)
  fivemat (= 1.3.7)
  fuubar (= 2.3.2)
  nyan-cat-formatter (= 0.12.0)
  ox (= 2.10.0)
  pry (= 0.11.3)
  rack-test (= 0.8.2)
  rspec (= 3.7.0)
  rubocop (~> 0.61.1)
  rubocop-rspec
  sequel (= 5.15.0)
  sinatra (= 2.0.4)
  sqlite3 (= 1.3.13)

BUNDLED WITH
   1.17.1
